GEM
  remote: https://rubygems.org/
  specs:
    fakefs (0.5.0)
    shoulda-context (1.1.6)

PLATFORMS
  ruby

DEPENDENCIES
  fakefs
  shoulda-context
